GEM
  remote: https://rubygems.org/
  specs:
    aws-sdk (2.0.29)
      aws-sdk-resources (= 2.0.29)
    aws-sdk-core (2.0.29)
      builder (~> 3.0)
      jmespath (~> 1.0)
      multi_json (~> 1.0)
      multi_xml (~> 0.5)
    aws-sdk-resources (2.0.29)
      aws-sdk-core (= 2.0.29)
    builder (3.2.2)
    coderay (1.1.0)
    jmespath (1.0.2)
      multi_json (~> 1.0)
    json_pure (1.8.2)
    method_source (0.8.2)
    mini_portile (0.6.2)
    multi_json (1.11.0)
    multi_xml (0.5.5)
    nokogiri (1.6.6.2)
      mini_portile (~> 0.6.0)
    pry (0.10.1)
      coderay (~> 1.1.0)
      method_source (~> 0.8.1)
      slop (~> 3.4)
    slop (3.6.0)

PLATFORMS
  ruby

DEPENDENCIES
  aws-sdk
  json_pure
  nokogiri
  pry
